GEM
  remote: https://rubygems.org/
  specs:
    airbrake (3.1.17)
      builder
      multi_json
    builder (3.2.3)
    daemons (1.2.4)
    diff-lcs (1.1.3)
    docile (1.1.5)
    eventmachine (1.2.2)
    flowdock (0.2.3)
      httparty (~> 0.7)
      multi_json
    foreman (0.83.0)
      thor (~> 0.19.1)
    httparty (0.14.0)
      multi_xml (>= 0.5.2)
    i18n (0.6.11)
    json (1.6.8)
    linguistics (1.0.9)
    mini_portile2 (2.1.0)
    multi_json (1.12.1)
    multi_xml (0.6.0)
    nokogiri (1.7.0.1)
      mini_portile2 (~> 2.1.0)
    rack (1.6.5)
    rack-protection (1.5.3)
      rack
    rack-test (0.6.3)
      rack (>= 1.0)
    rake (12.0.0)
    rspec (2.10.0)
      rspec-core (~> 2.10.0)
      rspec-expectations (~> 2.10.0)
      rspec-mocks (~> 2.10.0)
    rspec-core (2.10.1)
    rspec-expectations (2.10.0)
      diff-lcs (~> 1.1.3)
    rspec-mocks (2.10.1)
    shotgun (0.9.2)
      rack (>= 1.0)
    simplecov (0.9.2)
      docile (~> 1.1.0)
      multi_json (~> 1.0)
      simplecov-html (~> 0.9.0)
    simplecov-html (0.9.0)
    sinatra (1.3.6)
      rack (~> 1.4)
      rack-protection (~> 1.3)
      tilt (~> 1.3, >= 1.3.3)
    thin (1.4.1)
      daemons (>= 1.0.9)
      eventmachine (>= 0.12.6)
      rack (>= 1.0.0)
    thor (0.19.4)
    tilt (1.4.1)
    twitter_cldr (1.1.0)
      json (~> 1.6.6)
    webrat (0.7.3)
      nokogiri (>= 1.2.0)
      rack (>= 1.0)
      rack-test (>= 0.5.3)

PLATFORMS
  ruby

DEPENDENCIES
  airbrake (~> 3.1.3)
  flowdock (~> 0.2.1)
  foreman
  i18n (~> 0.6.8)
  linguistics (~> 1.0.9)
  rack-test
  rake
  rspec (~> 2.10.0)
  shotgun (~> 0.9)
  simplecov
  sinatra (~> 1.3.3)
  thin (~> 1.4.1)
  twitter_cldr (~> 1.1.0)
  webrat (~> 0.7.3)

BUNDLED WITH
   1.13.6
